GEM
  remote: http://rubygems.org/
  specs:
    actionmailer (2.3.5)
      actionpack (= 2.3.5)
    actionpack (2.3.5)
      activesupport (= 2.3.5)
      rack (~> 1.0.0)
    activerecord (2.3.5)
      activesupport (= 2.3.5)
    activeresource (2.3.5)
      activesupport (= 2.3.5)
    activesupport (2.3.5)
    acts_as_taggable_on_steroids (1.1)
    daemons (1.1.0)
    eventmachine (0.12.10)
    fastthread (1.0.7)
    gem_plugin (0.2.3)
    httpauth (0.1)
    jasmine (0.10.3.1)
      json (>= 1.1.9)
      rack (>= 1.0.0)
      rspec (>= 1.1.5)
      selenium-client (>= 1.2.17)
      selenium-rc (>= 2.1.0)
      thin (>= 1.2.4)
    json (1.4.6)
    mime-types (1.15)
    mongrel (1.1.5.1)
      daemons (>= 1.0.3)
      gem_plugin (>= 0.2.3)
    mongrel_cluster (1.0.5)
      gem_plugin (>= 0.2.3)
      mongrel (>= 1.0.2)
    mysql (2.8.1)
    nokogiri (1.4.2)
    oauth (0.4.3)
    rack (1.0.1)
    rails (2.3.5)
      actionmailer (= 2.3.5)
      actionpack (= 2.3.5)
      activerecord (= 2.3.5)
      activeresource (= 2.3.5)
      activesupport (= 2.3.5)
      rake (>= 0.8.3)
    rake (0.8.7)
    rspec (1.3.1)
    rspec-rails (1.3.1)
      rack (>= 1.0.0)
      rspec (>= 1.3.0)
    selenium-client (1.2.18)
    selenium-rc (2.2.4)
      selenium-client (>= 1.2.18)
    sqlite3-ruby (1.3.1)
    thin (1.2.7)
      daemons (>= 1.0.9)
      eventmachine (>= 0.12.6)
      rack (>= 1.0.0)
    xml-simple (1.0.12)

PLATFORMS
  ruby

DEPENDENCIES
  acts_as_taggable_on_steroids (= 1.1)
  fastthread (= 1.0.7)
  gem_plugin (= 0.2.3)
  httpauth (= 0.1)
  jasmine (= 0.10.3.1)
  mime-types (= 1.15)
  mongrel (>= 1.1.5)
  mongrel_cluster (= 1.0.5)
  mysql
  nokogiri (= 1.4.2)
  oauth (= 0.4.3)
  rack (= 1.0.1)
  rails (= 2.3.5)
  rake (= 0.8.7)
  rspec-rails (= 1.3.1)
  sqlite3-ruby
  xml-simple (= 1.0.12)
